GEM
  remote: https://rubygems.org/
  specs:
    faker (1.7.3)
      i18n (~> 0.5)
    i18n (0.8.6)
    pg (0.21.0)

PLATFORMS
  ruby

DEPENDENCIES
  faker
  pg

BUNDLED WITH
   1.15.3
